GEM
  remote: https://rubygems.org/
  specs:
    addressable (2.7.0)
      public_suffix (>= 2.0.2, < 5.0)
    ast (2.4.2)
    axiom-types (0.1.1)
      descendants_tracker (~> 0.0.4)
      ice_nine (~> 0.11.0)
      thread_safe (~> 0.3, >= 0.3.1)
    bcrypt_pbkdf (1.1.0)
    berkshelf (7.2.2)
      chef (>= 15.7.32)
      chef-config
      cleanroom (~> 1.0)
      concurrent-ruby (~> 1.0)
      minitar (>= 0.6)
      mixlib-archive (>= 1.1.4, < 2.0)
      mixlib-config (>= 2.2.5)
      mixlib-shellout (>= 2.0, < 4.0)
      octokit (~> 4.0)
      retryable (>= 2.0, < 4.0)
      solve (~> 4.0)
      thor (>= 0.20)
    builder (3.2.4)
    busser (0.6.0)
      thor
    busser-bats (0.3.0)
      busser
    chef (17.2.29)
      addressable
      chef-config (= 17.2.29)
      chef-utils (= 17.2.29)
      chef-vault
      chef-zero (>= 14.0.11)
      diff-lcs (>= 1.2.4, < 1.4.0)
      erubis (~> 2.7)
      ffi (>= 1.5.0)
      ffi-libarchive (~> 1.0, >= 1.0.3)
      ffi-yajl (~> 2.2)
      iniparse (~> 1.4)
      inspec-core (~> 4.23)
      license-acceptance (>= 1.0.5, < 3)
      mixlib-archive (>= 0.4, < 2.0)
      mixlib-authentication (>= 2.1, < 4)
      mixlib-cli (>= 2.1.1, < 3.0)
      mixlib-log (>= 2.0.3, < 4.0)
      mixlib-shellout (>= 3.1.1, < 4.0)
      net-sftp (>= 2.1.2, < 4.0)
      ohai (~> 17.0)
      plist (~> 3.2)
      proxifier (~> 1.0)
      syslog-logger (~> 1.6)
      train-core (~> 3.2, >= 3.2.28)
      train-winrm (>= 0.2.5)
      uuidtools (>= 2.1.5, < 3.0)
    chef-api (0.10.10)
      mime-types
      mixlib-log (>= 1, < 4)
    chef-cli (5.1.0)
      addressable (>= 2.3.5, < 2.8)
      chef (>= 15.0)
      cookbook-omnifetch (~> 0.5)
      diff-lcs (>= 1.0, < 1.4)
      ffi-yajl (>= 1.0, < 3.0)
      license-acceptance (>= 1.0.11, < 3)
      minitar (~> 0.6)
      mixlib-cli (>= 1.7, < 3.0)
      mixlib-shellout (>= 2.0, < 4.0)
      pastel (~> 0.7)
      solve (> 2.0, < 5.0)
    chef-config (17.2.29)
      addressable
      chef-utils (= 17.2.29)
      fuzzyurl
      mixlib-config (>= 2.2.12, < 4.0)
      mixlib-shellout (>= 2.0, < 4.0)
      tomlrb (~> 1.2)
    chef-telemetry (1.0.29)
      chef-config
      concurrent-ruby (~> 1.0)
    chef-utils (17.2.29)
      concurrent-ruby
    chef-vault (4.1.0)
    chef-zero (15.0.7)
      ffi-yajl (~> 2.2)
      hashie (>= 2.0, < 5.0)
      mixlib-log (>= 2.0, < 4.0)
      rack (~> 2.0, >= 2.0.6)
      uuidtools (~> 2.1)
      webrick
    chefspec (9.3.0)
      chef (>= 15)
      chef-cli
      fauxhai-ng (>= 7.5)
      rspec (~> 3.0)
    ci_reporter (1.9.3)
      builder (>= 2.1.2)
    cleanroom (1.0.0)
    coderay (1.1.3)
    coercible (1.0.0)
      descendants_tracker (~> 0.0.1)
    concurrent-ruby (1.1.9)
    cookbook-omnifetch (0.11.1)
      mixlib-archive (>= 0.4, < 2.0)
    cookstyle (7.13.0)
      rubocop (= 1.15.0)
    descendants_tracker (0.0.4)
      thread_safe (~> 0.3, >= 0.3.1)
    diff-lcs (1.3)
    droplet_kit (3.14.0)
      faraday (>= 0.15)
      kartograph (~> 0.2.3)
      resource_kit (~> 0.1.5)
      virtus (~> 1.0.3)
    ed25519 (1.2.4)
    equalizer (0.0.11)
    erubi (1.10.0)
    erubis (2.7.0)
    excon (0.82.0)
    faraday (1.4.2)
      faraday-em_http (~> 1.0)
      faraday-em_synchrony (~> 1.0)
      faraday-excon (~> 1.1)
      faraday-net_http (~> 1.0)
      faraday-net_http_persistent (~> 1.1)
      multipart-post (>= 1.2, < 3)
      ruby2_keywords (>= 0.0.4)
    faraday-em_http (1.0.0)
    faraday-em_synchrony (1.0.0)
    faraday-excon (1.1.0)
    faraday-net_http (1.0.1)
    faraday-net_http_persistent (1.1.0)
    faraday_middleware (1.0.0)
      faraday (~> 1.0)
    fauxhai-ng (9.0.0)
      net-ssh
    ffi (1.15.3)
    ffi-libarchive (1.0.17)
      ffi (~> 1.0)
    ffi-yajl (2.4.0)
      libyajl2 (>= 1.2)
    fog-core (2.2.4)
      builder
      excon (~> 0.71)
      formatador (~> 0.2)
      mime-types
    fog-json (1.2.0)
      fog-core
      multi_json (~> 1.10)
    fog-openstack (1.0.11)
      fog-core (~> 2.1)
      fog-json (>= 1.0)
      ipaddress (>= 0.8)
    formatador (0.3.0)
    fuzzyurl (0.9.0)
    gssapi (1.3.1)
      ffi (>= 1.0.1)
    gyoku (1.3.1)
      builder (>= 2.1.2)
    hashie (4.1.0)
    httpclient (2.8.3)
    ice_nine (0.11.2)
    iniparse (1.5.0)
    inspec-core (4.37.30)
      addressable (~> 2.4)
      chef-telemetry (~> 1.0, >= 1.0.8)
      faraday (>= 0.9.0, < 1.5)
      faraday_middleware (~> 1.0)
      hashie (>= 3.4, < 5.0)
      license-acceptance (>= 0.2.13, < 3.0)
      method_source (>= 0.8, < 2.0)
      mixlib-log (~> 3.0)
      multipart-post (~> 2.0)
      parallel (~> 1.9)
      parslet (>= 1.5, < 2.0)
      pry (~> 0.13)
      rspec (>= 3.9, < 3.11)
      rspec-its (~> 1.2)
      rubyzip (>= 1.2.2, < 3.0)
      semverse (~> 3.0)
      sslshake (~> 1.2)
      thor (>= 0.20, < 2.0)
      tomlrb (>= 1.2, < 2.1)
      train-core (~> 3.0)
      tty-prompt (~> 0.17)
      tty-table (~> 0.10)
    ipaddress (0.8.3)
    json (2.5.1)
    kartograph (0.2.8)
    kitchen-digitalocean (0.12.0)
      droplet_kit (>= 3.7, < 4.0)
      test-kitchen (>= 1.17, < 3)
    kitchen-docker (2.10.0)
      test-kitchen (>= 1.0.0)
    kitchen-openstack (6.0.0)
      fog-openstack (~> 1.0)
      ohai
      test-kitchen (>= 1.4.1, < 3)
    kitchen-vagrant (1.8.0)
      test-kitchen (>= 1.4, < 3)
    libyajl2 (2.1.0)
    license-acceptance (2.1.13)
      pastel (~> 0.7)
      tomlrb (>= 1.2, < 3.0)
      tty-box (~> 0.6)
      tty-prompt (~> 0.20)
    little-plugger (1.1.4)
    logging (2.3.0)
      little-plugger (~> 1.1)
      multi_json (~> 1.14)
    method_source (1.0.0)
    mime-types (3.3.1)
      mime-types-data (~> 3.2015)
    mime-types-data (3.2021.0225)
    minitar (0.9)
    minitest (4.7.5)
    minitest-chef-handler (1.1.0)
      ci_reporter (< 2.0)
      minitest (~> 4.7.3)
    mixlib-archive (1.1.7)
      mixlib-log
    mixlib-authentication (3.0.10)
    mixlib-cli (2.1.8)
    mixlib-config (3.0.9)
      tomlrb
    mixlib-install (3.12.11)
      mixlib-shellout
      mixlib-versioning
      thor
    mixlib-log (3.0.9)
    mixlib-shellout (3.2.5)
      chef-utils
    mixlib-versioning (1.2.12)
    molinillo (0.7.0)
    multi_json (1.15.0)
    multipart-post (2.1.1)
    net-scp (3.0.0)
      net-ssh (>= 2.6.5, < 7.0.0)
    net-sftp (3.0.0)
      net-ssh (>= 5.0.0, < 7.0.0)
    net-ssh (6.1.0)
    net-ssh-gateway (2.0.0)
      net-ssh (>= 4.0.0)
    nori (2.6.0)
    octokit (4.21.0)
      faraday (>= 0.9)
      sawyer (~> 0.8.0, >= 0.5.3)
    ohai (17.1.0)
      chef-config (>= 14.12, < 18)
      chef-utils (>= 16.0, < 18)
      ffi (~> 1.9)
      ffi-yajl (~> 2.2)
      ipaddress
      mixlib-cli (>= 1.7.0)
      mixlib-config (>= 2.0, < 4.0)
      mixlib-log (>= 2.0.1, < 4.0)
      mixlib-shellout (~> 3.2, >= 3.2.5)
      plist (~> 3.1)
      train-core
      wmi-lite (~> 1.0)
    parallel (1.20.1)
    parser (3.0.1.1)
      ast (~> 2.4.1)
    parslet (1.8.2)
    pastel (0.8.0)
      tty-color (~> 0.5)
    plist (3.6.0)
    proxifier (1.0.3)
    pry (0.14.1)
      coderay (~> 1.1)
      method_source (~> 1.0)
    public_suffix (4.0.6)
    rack (2.2.3)
    rainbow (3.0.0)
    rake (13.0.3)
    regexp_parser (2.1.1)
    resource_kit (0.1.7)
      addressable (>= 2.3.6, < 3.0.0)
    retryable (3.0.5)
    rexml (3.2.5)
    rspec (3.10.0)
      rspec-core (~> 3.10.0)
      rspec-expectations (~> 3.10.0)
      rspec-mocks (~> 3.10.0)
    rspec-core (3.10.1)
      rspec-support (~> 3.10.0)
    rspec-expectations (3.10.1)
      diff-lcs (>= 1.2.0, < 2.0)
      rspec-support (~> 3.10.0)
    rspec-its (1.3.0)
      rspec-core (>= 3.0.0)
      rspec-expectations (>= 3.0.0)
    rspec-mocks (3.10.2)
      diff-lcs (>= 1.2.0, < 2.0)
      rspec-support (~> 3.10.0)
    rspec-support (3.10.2)
    rubocop (1.15.0)
      parallel (~> 1.10)
      parser (>= 3.0.0.0)
      rainbow (>= 2.2.2, < 4.0)
      regexp_parser (>= 1.8, < 3.0)
      rexml
      rubocop-ast (>= 1.5.0, < 2.0)
      ruby-progressbar (~> 1.7)
      unicode-display_width (>= 1.4.0, < 3.0)
    rubocop-ast (1.7.0)
      parser (>= 3.0.1.1)
    ruby-progressbar (1.11.0)
    ruby2_keywords (0.0.4)
    rubyntlm (0.6.3)
    rubyzip (2.3.0)
    sawyer (0.8.2)
      addressable (>= 2.3.5)
      faraday (> 0.8, < 2.0)
    semverse (3.0.0)
    solve (4.0.4)
      molinillo (~> 0.6)
      semverse (>= 1.1, < 4.0)
    sslshake (1.3.1)
    stove (7.1.6)
      chef-api (~> 0.5)
      mixlib-log (>= 2.0)
    strings (0.2.1)
      strings-ansi (~> 0.2)
      unicode-display_width (>= 1.5, < 3.0)
      unicode_utils (~> 1.4)
    strings-ansi (0.2.0)
    syslog-logger (1.6.8)
    test-kitchen (2.12.0)
      bcrypt_pbkdf (~> 1.0)
      chef-utils (>= 16.4.35)
      ed25519 (~> 1.2)
      license-acceptance (>= 1.0.11, < 3.0)
      mixlib-install (~> 3.6)
      mixlib-shellout (>= 1.2, < 4.0)
      net-scp (>= 1.1, < 4.0)
      net-ssh (>= 2.9, < 7.0)
      net-ssh-gateway (>= 1.2, < 3.0)
      thor (>= 0.19, < 2.0)
      winrm (~> 2.0)
      winrm-elevated (~> 1.0)
      winrm-fs (~> 1.1)
    thor (1.1.0)
    thread_safe (0.3.6)
    tomlrb (1.3.0)
    train-core (3.7.4)
      addressable (~> 2.5)
      ffi (!= 1.13.0)
      json (>= 1.8, < 3.0)
      mixlib-shellout (>= 2.0, < 4.0)
      net-scp (>= 1.2, < 4.0)
      net-ssh (>= 2.9, < 7.0)
    train-winrm (0.2.12)
      winrm (>= 2.3.6, < 3.0)
      winrm-elevated (~> 1.2.2)
      winrm-fs (~> 1.0)
    tty-box (0.7.0)
      pastel (~> 0.8)
      strings (~> 0.2.0)
      tty-cursor (~> 0.7)
    tty-color (0.6.0)
    tty-cursor (0.7.1)
    tty-prompt (0.23.1)
      pastel (~> 0.8)
      tty-reader (~> 0.8)
    tty-reader (0.9.0)
      tty-cursor (~> 0.7)
      tty-screen (~> 0.8)
      wisper (~> 2.0)
    tty-screen (0.8.1)
    tty-table (0.12.0)
      pastel (~> 0.8)
      strings (~> 0.2.0)
      tty-screen (~> 0.8)
    unicode-display_width (2.0.0)
    unicode_utils (1.4.0)
    uuidtools (2.2.0)
    virtus (1.0.5)
      axiom-types (~> 0.1)
      coercible (~> 1.0)
      descendants_tracker (~> 0.0, >= 0.0.3)
      equalizer (~> 0.0, >= 0.0.9)
    webrick (1.7.0)
    winrm (2.3.6)
      builder (>= 2.1.2)
      erubi (~> 1.8)
      gssapi (~> 1.2)
      gyoku (~> 1.0)
      httpclient (~> 2.2, >= 2.2.0.2)
      logging (>= 1.6.1, < 3.0)
      nori (~> 2.0)
      rubyntlm (~> 0.6.0, >= 0.6.3)
    winrm-elevated (1.2.3)
      erubi (~> 1.8)
      winrm (~> 2.0)
      winrm-fs (~> 1.0)
    winrm-fs (1.3.5)
      erubi (~> 1.8)
      logging (>= 1.6.1, < 3.0)
      rubyzip (~> 2.0)
      winrm (~> 2.0)
    wisper (2.0.1)
    wmi-lite (1.0.5)

PLATFORMS
  ruby

DEPENDENCIES
  berkshelf (~> 7.2)
  busser-bats
  chefspec (~> 9.3)
  cookstyle (~> 7.13)
  kitchen-digitalocean (~> 0.12.0)
  kitchen-docker (~> 2.10)
  kitchen-openstack (~> 6.0)
  kitchen-vagrant (~> 1.8)
  minitest (~> 4.7.0, >= 4.7.5)
  minitest-chef-handler (~> 1.1)
  rake
  rubocop (~> 1.15)
  stove
  test-kitchen (~> 2.12)

BUNDLED WITH
   2.2.21
